PATH
  remote: .
  specs:
    edr_gen (0.0.0)
      open3 (~> 0.1)
      rainbow (~> 3.0)
      sys-proctable (~> 1.3)
      yaml (~> 0.1)

GEM
  remote: https://rubygems.org/
  specs:
    coderay (1.1.3)
    diff-lcs (1.5.1)
    ffi (1.17.0-arm64-darwin)
    method_source (1.1.0)
    open3 (0.2.1)
    pry (0.14.2)
      coderay (~> 1.1)
      method_source (~> 1.0)
    rainbow (3.1.1)
    rspec (3.13.0)
      rspec-core (~> 3.13.0)
      rspec-expectations (~> 3.13.0)
      rspec-mocks (~> 3.13.0)
    rspec-core (3.13.1)
      rspec-support (~> 3.13.0)
    rspec-expectations (3.13.3)
      diff-lcs (>= 1.2.0, < 2.0)
      rspec-support (~> 3.13.0)
    rspec-mocks (3.13.1)
      diff-lcs (>= 1.2.0, < 2.0)
      rspec-support (~> 3.13.0)
    rspec-support (3.13.1)
    sys-proctable (1.3.0)
      ffi (~> 1.1)
    yaml (0.3.0)

PLATFORMS
  arm64-darwin-23
  ruby

DEPENDENCIES
  edr_gen!
  pry
  rspec

BUNDLED WITH
   2.5.18
